PATH
  remote: .
  specs:
    lctl (0.0.2)
      thor

GEM
  remote: http://rubygems.org/
  specs:
    thor (0.14.6)

PLATFORMS
  ruby

DEPENDENCIES
  lctl!
  thor
